GEM
  remote: https://rubygems.org/
  specs:
    chronic (0.2.3)
      hoe (>= 1.2.1)
    crass (1.0.2)
    daemons (1.2.3)
    dotenv (2.1.1)
    eventmachine (1.2.0.1)
    foreman (0.81.0)
      thor (~> 0.19.1)
    hoe (3.15.0)
      rake (>= 0.8, < 12.0)
    httparty (0.13.7)
      json (~> 1.8)
      multi_xml (>= 0.5.2)
    json (1.8.3)
    mini_portile2 (2.0.0)
    multi_xml (0.5.5)
    nokogiri (1.6.7.2)
      mini_portile2 (~> 2.0.0.rc2)
    nokogumbo (1.4.7)
      nokogiri
    rack (1.6.4)
    rack-protection (1.5.3)
      rack
    rake (11.1.2)
    redis (3.3.0)
    sanitize (4.0.1)
      crass (~> 1.0.2)
      nokogiri (>= 1.4.4)
      nokogumbo (~> 1.4.1)
    sinatra (1.4.7)
      rack (~> 1.5)
      rack-protection (~> 1.4)
      tilt (>= 1.3, < 3)
    text (1.3.1)
    thin (1.6.4)
      daemons (~> 1.0, >= 1.0.9)
      eventmachine (~> 1.0, >= 1.0.4)
      rack (~> 1.0)
    thor (0.19.1)
    tilt (2.0.2)

PLATFORMS
  ruby

DEPENDENCIES
  chronic
  dotenv
  foreman
  httparty
  redis
  sanitize
  sinatra
  text
  thin

BUNDLED WITH
   1.11.2
